GEM
  remote: http://rubygems.org/
  specs:
    cassandra-driver (2.1.3)
      ione (~> 1.2)
    ione (1.2.0)
    puma (2.11.3)
      rack (>= 1.1, < 2.0)
    rack (1.6.1)
    rack-protection (1.5.3)
      rack
    rake (10.1.0)
    sinatra (1.4.6)
      rack (~> 1.4)
      rack-protection (~> 1.4)
      tilt (>= 1.3, < 3)
    tilt (2.0.1)

PLATFORMS
  ruby

DEPENDENCIES
  cassandra-driver
  puma
  rake
  sinatra
